PATH
  remote: .
  specs:
    SimpleRepresenter (0.0.1)
      oj (~> 3.10.16)

GEM
  remote: https://rubygems.org/
  specs:
    diff-lcs (1.4.4)
    oj (3.10.18)
    rspec (3.10.0)
      rspec-core (~> 3.10.0)
      rspec-expectations (~> 3.10.0)
      rspec-mocks (~> 3.10.0)
    rspec-core (3.10.1)
      rspec-support (~> 3.10.0)
    rspec-expectations (3.10.1)
      diff-lcs (>= 1.2.0, < 2.0)
      rspec-support (~> 3.10.0)
    rspec-mocks (3.10.1)
      diff-lcs (>= 1.2.0, < 2.0)
      rspec-support (~> 3.10.0)
    rspec-support (3.10.1)

PLATFORMS
  ruby

DEPENDENCIES
  SimpleRepresenter!
  rspec (~> 3.10.0)

BUNDLED WITH
   2.2.3
